PATH
  remote: .
  specs:
    aws4 (0.0.2)

GEM
  remote: https://rubygems.org/
  specs:
    minitest (5.8.3)
    rake (10.0.4)

PLATFORMS
  ruby

DEPENDENCIES
  aws4!
  minitest
  rake
